GEM
  specs:
    attr_encrypted (1.2.1)
      encryptor (>= 1.1.1)
    encryptor (1.1.3)

PLATFORMS
  ruby

DEPENDENCIES
  attr_encrypted
